GEM
  remote: https://rubygems.org/
  specs:
    chipmunk (6.1.3.4)
    gosu (0.10.4)

PLATFORMS
  ruby

DEPENDENCIES
  chipmunk
  gosu
